GEM
  remote: https://rubygems.org/
  remote: http://gems.mobcastdev.com/
  specs:
    activesupport (4.0.4)
      i18n (~> 0.6, >= 0.6.9)
      minitest (~> 4.2)
      multi_json (~> 1.3)
      thread_safe (~> 0.1)
      tzinfo (~> 0.3.37)
    atomic (1.1.16)
    builder (3.2.2)
    cucumber (1.3.13)
      builder (>= 2.1.2)
      diff-lcs (>= 1.1.3)
      gherkin (~> 2.12)
      multi_json (>= 1.7.5, < 2.0)
      multi_test (>= 0.1.1)
    cucumber-blinkbox (0.2.1)
      activesupport (>= 4.0)
      cucumber (~> 1.3)
      http_capture
      httpclient
    cucumber-helpers (0.0.4)
      activesupport (~> 4.0)
    cucumber-rest (0.0.9)
      activesupport (>= 3.2)
      cucumber (~> 1.3)
      http_capture (~> 0.0, >= 0.0.4)
      multi_json (~> 1.7)
      rack (~> 1.5)
      rspec (~> 2.13)
    diff-lcs (1.2.5)
    gherkin (2.12.2)
      multi_json (~> 1.3)
    http_capture (0.1.0)
    httpclient (2.3.4.1)
    i18n (0.6.9)
    mime-types (2.1)
    minitest (4.7.5)
    multi_json (1.9.2)
    multi_test (0.1.1)
    phashion (1.1.0)
    rack (1.5.2)
    rake (10.2.1)
    rspec (2.14.1)
      rspec-core (~> 2.14.0)
      rspec-expectations (~> 2.14.0)
      rspec-mocks (~> 2.14.0)
    rspec-core (2.14.8)
    rspec-expectations (2.14.5)
      diff-lcs (>= 1.1.3, < 2.0)
    rspec-mocks (2.14.6)
    rubyzip (1.1.2)
    thread_safe (0.3.1)
      atomic (>= 1.1.7, < 2)
    tzinfo (0.3.39)

PLATFORMS
  ruby

DEPENDENCIES
  cucumber
  cucumber-blinkbox (~> 0.2.1)
  cucumber-helpers
  cucumber-rest
  httpclient
  mime-types
  phashion
  rake
  rspec
  rubyzip
